PATH
  remote: .
  specs:
    hanami-papercraft (0.1)
      hanami-view (~> 2.2)
      papercraft (~> 2.17)

GEM
  remote: https://rubygems.org/
  specs:
    concurrent-ruby (1.3.5)
    dry-configurable (1.3.0)
      dry-core (~> 1.1)
      zeitwerk (~> 2.6)
    dry-core (1.1.0)
      concurrent-ruby (~> 1.0)
      logger
      zeitwerk (~> 2.6)
    dry-inflector (1.2.0)
    hanami-view (2.2.1)
      dry-configurable (~> 1.0)
      dry-core (~> 1.0)
      dry-inflector (~> 1.0, < 2)
      temple (~> 0.10.0, >= 0.10.2)
      tilt (~> 2.3)
      zeitwerk (~> 2.6)
    kramdown (2.5.1)
      rexml (>= 3.3.9)
    kramdown-parser-gfm (1.1.0)
      kramdown (~> 2.0)
    logger (1.7.0)
    minitest (5.25.5)
    papercraft (2.17)
      kramdown (~> 2.5.1)
      kramdown-parser-gfm (~> 1.1.0)
      rouge (~> 4.6.1)
      sirop (~> 0.9)
    prism (1.4.0)
    rexml (3.4.4)
    rouge (4.6.1)
    sirop (0.9)
      prism (~> 1.4.0)
    temple (0.10.4)
    tilt (2.6.1)
    zeitwerk (2.7.3)

PLATFORMS
  ruby
  x86_64-linux

DEPENDENCIES
  hanami-papercraft!
  minitest (~> 5.25.5)

BUNDLED WITH
   2.7.2
